GEM
  remote: https://rubygems.org/
  specs:
    commander (4.3.5)
      highline (~> 1.7.2)
    highline (1.7.7)
    minitest (5.8.1)
    rainbow (2.0.0)
    rake (10.4.2)
    sass (3.4.18)
    sassunit (1.0.0)
      commander
      minitest
      sass
    scss_lint (0.38.0)
      rainbow (~> 2.0)
      sass (~> 3.4.1)

PLATFORMS
  ruby

DEPENDENCIES
  rake
  sassunit
  scss_lint (= 0.38.0)

BUNDLED WITH
   1.10.6
