GEM
  remote: https://rubygems.org/
  specs:
    rainbow (2.0.0)
    rake (10.4.2)
    sass (3.3.14)
    scss-lint (0.25.1)
      rainbow (~> 2.0)
      sass (~> 3.3.0)

PLATFORMS
  ruby

DEPENDENCIES
  rake
  scss-lint (= 0.25.1)

BUNDLED WITH
   1.10.5
